GEM
  remote: http://rubygems.org/
  specs:
    RedCloth (4.3.2)
    ast (2.4.0)
    axiom-types (0.1.1)
      descendants_tracker (~> 0.0.4)
      ice_nine (~> 0.11.0)
      thread_safe (~> 0.3, >= 0.3.1)
    byebug (11.0.1)
    charlock_holmes (0.7.7)
    codeclimate-engine-rb (0.4.1)
      virtus (~> 1.0)
    coderay (1.1.2)
    coercible (1.0.0)
      descendants_tracker (~> 0.0.1)
    colored (1.2)
    descendants_tracker (0.0.4)
      thread_safe (~> 0.3, >= 0.3.1)
    diff-lcs (1.3)
    docile (1.3.2)
    equalizer (0.0.11)
    faraday (0.17.0)
      multipart-post (>= 1.2, < 3)
    gemojione (3.3.0)
      json
    github-markdown (0.6.9)
    github-markup (1.7.0)
    gitlab-grit (2.8.2)
      charlock_holmes (~> 0.6)
      diff-lcs (~> 1.1)
      mime-types (>= 1.16)
      posix-spawn (~> 0.3)
    gollum (3.1.3)
      github-markdown (~> 0.6.5)
      gollum-lib (~> 4.0, >= 4.0.1)
      mustache (>= 0.99.5, < 1.0.0)
      sinatra (~> 1.4, >= 1.4.4)
      useragent (~> 0.10.0)
    gollum-grit_adapter (1.0.1)
      gitlab-grit (~> 2.7, >= 2.7.1)
    gollum-lib (4.2.10)
      gemojione (~> 3.2)
      github-markup (~> 1.6)
      gollum-grit_adapter (~> 1.0)
      nokogiri (>= 1.6.1, < 2.0)
      rouge (~> 2.1)
      sanitize (~> 2.1.1, >= 2.1.1)
      stringex (~> 2.6)
      twitter-text (= 1.14.7)
    ice_nine (0.11.2)
    jaro_winkler (1.5.4)
    json (2.2.0)
    kramdown (2.3.0)
      rexml
    kwalify (0.7.2)
    method_source (0.9.2)
    mime-types (3.3)
      mime-types-data (~> 3.2015)
    mime-types-data (3.2019.1009)
    mini_portile2 (2.4.0)
    multipart-post (2.1.1)
    mustache (0.99.8)
    nokogiri (1.10.5)
      mini_portile2 (~> 2.4.0)
    parallel (1.19.0)
    parser (2.6.5.0)
      ast (~> 2.4.0)
    posix-spawn (0.3.13)
    pry (0.12.2)
      coderay (~> 1.1.0)
      method_source (~> 0.9.0)
    psych (3.1.0)
    rack (1.6.11)
    rack-protection (1.5.5)
      rack
    rainbow (3.0.0)
    rake (13.0.1)
    redcarpet (3.5.0)
    reek (5.5.0)
      codeclimate-engine-rb (~> 0.4.0)
      kwalify (~> 0.7.0)
      parser (>= 2.5.0.0, < 2.7, != 2.5.1.1)
      psych (~> 3.1.0)
      rainbow (>= 2.0, < 4.0)
    rexml (3.2.4)
    rouge (2.2.1)
    rspec (3.9.0)
      rspec-core (~> 3.9.0)
      rspec-expectations (~> 3.9.0)
      rspec-mocks (~> 3.9.0)
    rspec-core (3.9.0)
      rspec-support (~> 3.9.0)
    rspec-expectations (3.9.0)
      diff-lcs (>= 1.2.0, < 2.0)
      rspec-support (~> 3.9.0)
    rspec-mocks (3.9.0)
      diff-lcs (>= 1.2.0, < 2.0)
      rspec-support (~> 3.9.0)
    rspec-support (3.9.0)
    rubocop (0.76.0)
      jaro_winkler (~> 1.5.1)
      parallel (~> 1.10)
      parser (>= 2.6)
      rainbow (>= 2.2.2, < 4.0)
      ruby-progressbar (~> 1.7)
      unicode-display_width (>= 1.4.0, < 1.7)
    ruby-progressbar (1.10.1)
    sanitize (2.1.1)
      nokogiri (>= 1.4.4)
    simplecov (0.17.1)
      docile (~> 1.1)
      json (>= 1.8, < 3)
      simplecov-html (~> 0.10.0)
    simplecov-html (0.10.2)
    sinatra (1.4.8)
      rack (~> 1.5)
      rack-protection (~> 1.4)
      tilt (>= 1.3, < 3)
    stringex (2.8.5)
    thread_safe (0.3.6)
    tilt (2.0.10)
    twitter-text (1.14.7)
      unf (~> 0.1.0)
    unf (0.1.4)
      unf_ext
    unf_ext (0.0.7.6)
    unicode-display_width (1.6.0)
    useragent (0.10.0)
    virtus (1.0.5)
      axiom-types (~> 0.1)
      coercible (~> 1.0)
      descendants_tracker (~> 0.0, >= 0.0.3)
      equalizer (~> 0.0, >= 0.0.9)

PLATFORMS
  ruby

DEPENDENCIES
  RedCloth
  byebug
  colored
  faraday
  gollum
  kramdown
  pry
  rake
  redcarpet
  reek
  rspec
  rubocop
  simplecov

BUNDLED WITH
   1.17.3
